PATH
  remote: .
  specs:
    pact (1.1.1)
      awesome_print (~> 1.1)
      find_a_port (~> 1.0.1)
      json
      rack-test (~> 0.6.2)
      randexp (~> 0.1.7)
      rspec (~> 2.12)
      term-ansicolor (~> 1.0)
      thor
      webrick

GEM
  remote: https://rubygems.org/
  specs:
    activesupport (4.0.0)
      i18n (~> 0.6, >= 0.6.4)
      minitest (~> 4.2)
      multi_json (~> 1.3)
      thread_safe (~> 0.1)
      tzinfo (~> 0.3.37)
    addressable (2.3.5)
    atomic (1.1.14)
    awesome_print (1.2.0)
    coderay (1.0.9)
    crack (0.4.1)
      safe_yaml (~> 0.9.0)
    diff-lcs (1.2.5)
    fakefs (0.4.2)
    faraday (0.9.0)
      multipart-post (>= 1.2, < 3)
    find_a_port (1.0.1)
    hashie (2.0.5)
    i18n (0.6.5)
    json (1.8.1)
    method_source (0.8.2)
    minitest (4.7.5)
    multi_json (1.8.2)
    multipart-post (2.0.0)
    pry (0.9.12.2)
      coderay (~> 1.0.5)
      method_source (~> 0.8)
      slop (~> 3.4)
    rack (1.5.2)
    rack-test (0.6.2)
      rack (>= 1.0)
    rake (10.0.4)
    randexp (0.1.7)
    rspec (2.99.0)
      rspec-core (~> 2.99.0)
      rspec-expectations (~> 2.99.0)
      rspec-mocks (~> 2.99.0)
    rspec-core (2.99.0)
    rspec-expectations (2.99.0)
      diff-lcs (>= 1.1.3, < 2.0)
    rspec-fire (1.3.0)
      rspec (>= 2.11, < 4)
    rspec-mocks (2.99.0)
    safe_yaml (0.9.5)
    slop (3.4.6)
    term-ansicolor (1.3.0)
      tins (~> 1.0)
    thor (0.19.1)
    thread_safe (0.1.3)
      atomic
    tins (1.3.0)
    tzinfo (0.3.38)
    webmock (1.9.3)
      addressable (>= 2.2.7)
      crack (>= 0.3.2)
    webrick (1.3.1)

PLATFORMS
  ruby

DEPENDENCIES
  activesupport
  fakefs (~> 0.4)
  faraday
  hashie (~> 2.0)
  pact!
  pry
  rake (~> 10.0.3)
  rspec-fire
  webmock (~> 1.9.3)
